PATH
  remote: .
  specs:
    mani (0.0.4)
      x_do_bindings

GEM
  remote: http://rubygems.org/
  specs:
    ffi (1.9.8)
    x_do_bindings (0.2.0)
      ffi

PLATFORMS
  ruby

DEPENDENCIES
  mani!
