GIT
  remote: git://github.com/NSinopoli/x_do.git
  revision: ff43fa555d1c497c0516bf12353ac64860faf1e6
  specs:
    x_do (0.1.2)
      ffi (>= 1.0.0)

GEM
  remote: http://rubygems.org/
  specs:
    ffi (1.9.8)

PLATFORMS
  ruby

DEPENDENCIES
  x_do!
