PATH
  remote: .
  specs:
    mani (0.0.5)
      x_do_bindings (= 0.2.1)

GEM
  remote: http://rubygems.org/
  specs:
    ffi (1.9.8)
    x_do_bindings (0.2.1)
      ffi (= 1.9.8)

PLATFORMS
  ruby

DEPENDENCIES
  mani!
